PATH
  remote: .
  specs:
    html_to_plain_text (1.0.5)
      nokogiri (>= 1.4.0)

GEM
  remote: http://rubygems.org/
  specs:
    bump (0.7.0)
    byebug (10.0.2)
    diff-lcs (1.3)
    mini_portile2 (2.4.0)
    nokogiri (1.10.1)
      mini_portile2 (~> 2.4.0)
    rake (12.3.2)
    rspec (3.8.0)
      rspec-core (~> 3.8.0)
      rspec-expectations (~> 3.8.0)
      rspec-mocks (~> 3.8.0)
    rspec-core (3.8.0)
      rspec-support (~> 3.8.0)
    rspec-expectations (3.8.2)
      diff-lcs (>= 1.2.0, < 2.0)
      rspec-support (~> 3.8.0)
    rspec-mocks (3.8.0)
      diff-lcs (>= 1.2.0, < 2.0)
      rspec-support (~> 3.8.0)
    rspec-support (3.8.0)

PLATFORMS
  ruby

DEPENDENCIES
  bump
  byebug
  html_to_plain_text!
  rake
  rspec (> 2.6.0)

BUNDLED WITH
   1.17.2
